GEM
  remote: http://rubygems.org/
  specs:
    rack (1.6.0)
    rack-protection (1.5.3)
      rack
    rake (10.3.1)
    sequel (4.15.0)
    sinatra (1.4.5)
      rack (~> 1.4)
      rack-protection (~> 1.4)
      tilt (~> 1.3, >= 1.3.4)
    sqlite3 (1.3.9)
    sqlite3 (1.3.9-x86-mingw32)
    tilt (1.4.1)

PLATFORMS
  ruby
  x86-mingw32

DEPENDENCIES
  rake
  sequel
  sinatra
  sqlite3
